GEM
  remote: https://rubygems.org/
  specs:
    byebug (10.0.2)
    dotenv (2.5.0)

PLATFORMS
  ruby

DEPENDENCIES
  byebug
  dotenv

BUNDLED WITH
   1.16.6
